GEM
  remote: https://rubygems.org/
  specs:
    mqtt (0.6.0)

PLATFORMS
  x64-mingw-ucrt
  x86_64-linux

DEPENDENCIES
  mqtt

BUNDLED WITH
   2.3.22
